GEM
  remote: https://rubygems.org/
  specs:
    ffi (1.11.2)
    ffi (1.11.2-x64-mingw32)
    listen (3.2.0)
      rb-fsevent (~> 0.10, >= 0.10.3)
      rb-inotify (~> 0.9, >= 0.9.10)
    mustermann (1.1.1)
      ruby2_keywords (~> 0.0.1)
    rack (2.2.3)
    rack-protection (2.2.0)
      rack
    rb-fsevent (0.10.3)
    rb-inotify (0.10.0)
      ffi (~> 1.0)
    rerun (0.13.0)
      listen (~> 3.0)
    ruby2_keywords (0.0.5)
    sinatra (2.2.0)
      mustermann (~> 1.0)
      rack (~> 2.2)
      rack-protection (= 2.2.0)
      tilt (~> 2.0)
    tilt (2.0.10)

PLATFORMS
  ruby
  x64-mingw32

DEPENDENCIES
  rerun (= 0.13.0)
  sinatra (= 2.2.0)

BUNDLED WITH
   1.17.3
